PATH
  remote: .
  specs:
    xbmc-client (0.1.2)
      activesupport (>= 3.0.0)
      httparty (>= 0.6.0)
      i18n
      json (>= 1.4.5)

GEM
  remote: http://rubygems.org/
  specs:
    activesupport (3.2.8)
      i18n (~> 0.6)
      multi_json (~> 1.0)
    httparty (0.8.3)
      multi_json (~> 1.0)
      multi_xml
    i18n (0.6.0)
    json (1.7.5)
    multi_json (1.3.6)
    multi_xml (0.5.1)
    shoulda (2.10.3)

PLATFORMS
  ruby

DEPENDENCIES
  shoulda (= 2.10.3)
  xbmc-client!
